PATH
  remote: .
  specs:
    redmine_irc_gateway (0.0.1)
      activeresource
      foreverb
      net-irc
      pit
      rake
      slop

GEM
  remote: http://rubygems.org/
  specs:
    activemodel (3.0.9)
      activesupport (= 3.0.9)
      builder (~> 2.1.2)
      i18n (~> 0.5.0)
    activeresource (3.0.9)
      activemodel (= 3.0.9)
      activesupport (= 3.0.9)
    activesupport (3.0.9)
    builder (2.1.2)
    foreverb (0.1.9)
      thor (~> 0.14.6)
    i18n (0.5.0)
    net-irc (0.0.9)
    pit (0.0.6)
    rake (0.9.2)
    slop (2.0.0)
    thor (0.14.6)

PLATFORMS
  ruby

DEPENDENCIES
  redmine_irc_gateway!
